GEM
  remote: https://rubygems.org/
  specs:
    Ascii85 (2.0.1)
    actioncable (6.1.7.10)
      actionpack (= 6.1.7.10)
      activesupport (= 6.1.7.10)
      nio4r (~> 2.0)
      websocket-driver (>= 0.6.1)
    actionmailbox (6.1.7.10)
      actionpack (= 6.1.7.10)
      activejob (= 6.1.7.10)
      activerecord (= 6.1.7.10)
      activestorage (= 6.1.7.10)
      activesupport (= 6.1.7.10)
      mail (>= 2.7.1)
    actionmailer (6.1.7.10)
      actionpack (= 6.1.7.10)
      actionview (= 6.1.7.10)
      activejob (= 6.1.7.10)
      activesupport (= 6.1.7.10)
      mail (~> 2.5, >= 2.5.4)
      rails-dom-testing (~> 2.0)
    actionpack (6.1.7.10)
      actionview (= 6.1.7.10)
      activesupport (= 6.1.7.10)
      rack (~> 2.0, >= 2.0.9)
      rack-test (>= 0.6.3)
      rails-dom-testing (~> 2.0)
      rails-html-sanitizer (~> 1.0, >= 1.2.0)
    actiontext (6.1.7.10)
      actionpack (= 6.1.7.10)
      activerecord (= 6.1.7.10)
      activestorage (= 6.1.7.10)
      activesupport (= 6.1.7.10)
      nokogiri (>= 1.8.5)
    actionview (6.1.7.10)
      activesupport (= 6.1.7.10)
      builder (~> 3.1)
      erubi (~> 1.4)
      rails-dom-testing (~> 2.0)
      rails-html-sanitizer (~> 1.1, >= 1.2.0)
    activejob (6.1.7.10)
      activesupport (= 6.1.7.10)
      globalid (>= 0.3.6)
    activemodel (6.1.7.10)
      activesupport (= 6.1.7.10)
    activerecord (6.1.7.10)
      activemodel (= 6.1.7.10)
      activesupport (= 6.1.7.10)
    activestorage (6.1.7.10)
      actionpack (= 6.1.7.10)
      activejob (= 6.1.7.10)
      activerecord (= 6.1.7.10)
      activesupport (= 6.1.7.10)
      marcel (~> 1.0)
      mini_mime (>= 1.1.0)
    activesupport (6.1.7.10)
      concurrent-ruby (~> 1.0, >= 1.0.2)
      i18n (>= 1.6, < 2)
      minitest (>= 5.1)
      tzinfo (~> 2.0)
      zeitwerk (~> 2.3)
    addressable (2.8.7)
      public_suffix (>= 2.0.2, < 7.0)
    afm (1.0.0)
    ast (2.4.3)
    autoprefixer-rails (10.4.21.0)
      execjs (~> 2)
    base64 (0.3.0)
    bcrypt (3.1.20)
    benchmark (0.4.1)
    bigdecimal (3.2.2)
    bindex (0.8.1)
    bootstrap (4.6.2.1)
      autoprefixer-rails (>= 9.1.0)
      popper_js (>= 1.16.1, < 2)
    builder (3.3.0)
    byebug (12.0.0)
    capybara (2.18.0)
      addressable
      mini_mime (>= 0.1.3)
      nokogiri (>= 1.3.3)
      rack (>= 1.0.0)
      rack-test (>= 0.5.4)
      xpath (>= 2.0, < 4.0)
    chronic (0.10.2)
    coffee-rails (5.0.0)
      coffee-script (>= 2.2.0)
      railties (>= 5.2.0)
    coffee-script (2.4.1)
      coffee-script-source
      execjs
    coffee-script-source (1.12.2)
    concurrent-ruby (1.3.5)
    crass (1.0.6)
    csv (3.3.5)
    d3-rails (7.8.5)
      railties (>= 3.1)
    daemons (1.4.1)
    dartsass-sprockets (3.2.1)
      railties (>= 4.0.0)
      sassc-embedded (~> 1.80.1)
      sprockets (> 3.0)
      sprockets-rails
      tilt
    date (3.4.1)
    devise (4.9.4)
      bcrypt (~> 3.0)
      orm_adapter (~> 0.1)
      railties (>= 4.1.0)
      responders
      warden (~> 1.2.3)
    dkim (1.1.0)
    erb (5.0.2)
    erubi (1.13.1)
    execjs (2.10.0)
    faraday (2.13.4)
      faraday-net_http (>= 2.0, < 3.5)
      json
      logger
    faraday-follow_redirects (0.3.0)
      faraday (>= 1, < 3)
    faraday-net_http (3.4.1)
      net-http (>= 0.5.0)
    ffi (1.17.2)
    ffi (1.17.2-x86_64-darwin)
    ffi (1.17.2-x86_64-linux-gnu)
    font_awesome5_rails (1.5.0)
      nokogiri (>= 1.11.3)
      railties (>= 4.2)
    globalid (1.2.1)
      activesupport (>= 6.1)
    google-protobuf (4.32.0)
      bigdecimal
      rake (>= 13)
    google-protobuf (4.32.0-x86_64-darwin)
      bigdecimal
      rake (>= 13)
    google-protobuf (4.32.0-x86_64-linux-gnu)
      bigdecimal
      rake (>= 13)
    hashery (2.1.2)
    httparty (0.23.1)
      csv
      mini_mime (>= 1.0.0)
      multi_xml (>= 0.5.2)
    i18n (1.14.7)
      concurrent-ruby (~> 1.0)
    image_processing (1.14.0)
      mini_magick (>= 4.9.5, < 6)
      ruby-vips (>= 2.0.17, < 3)
    inline_svg (1.10.0)
      activesupport (>= 3.0)
      nokogiri (>= 1.6)
    io-console (0.8.1)
    irb (1.15.2)
      pp (>= 0.6.0)
      rdoc (>= 4.0.0)
      reline (>= 0.4.2)
    jbuilder (2.13.0)
      actionview (>= 5.0.0)
      activesupport (>= 5.0.0)
    jquery-rails (4.6.0)
      rails-dom-testing (>= 1, < 3)
      railties (>= 4.2.0)
      thor (>= 0.14, < 2.0)
    json (2.13.2)
    language_server-protocol (3.17.0.5)
    lint_roller (1.1.0)
    listen (3.0.8)
      rb-fsevent (~> 0.9, >= 0.9.4)
      rb-inotify (~> 0.9, >= 0.9.7)
    logger (1.7.0)
    loofah (2.24.1)
      crass (~> 1.0.2)
      nokogiri (>= 1.12.0)
    mail (2.8.1)
      mini_mime (>= 0.1.1)
      net-imap
      net-pop
      net-smtp
    marcel (1.0.4)
    method_source (1.1.0)
    miga-base (1.3.22.6)
      daemons (~> 1.3)
      json (~> 2)
      net-ftp
      net-http
      rubyzip (~> 2.3)
      sqlite3 (~> 1.3)
    mini_magick (5.3.0)
      logger
    mini_mime (1.1.5)
    mini_portile2 (2.8.9)
    minitest (5.25.5)
    multi_json (1.17.0)
    multi_xml (0.7.2)
      bigdecimal (~> 3.1)
    mutex_m (0.3.0)
    net-ftp (0.3.8)
      net-protocol
      time
    net-http (0.6.0)
      uri
    net-imap (0.5.9)
      date
      net-protocol
    net-pop (0.1.2)
      net-protocol
    net-protocol (0.2.2)
      timeout
    net-smtp (0.5.1)
      net-protocol
    nio4r (2.7.4)
    nokogiri (1.18.9)
      mini_portile2 (~> 2.8.2)
      racc (~> 1.4)
    nokogiri (1.18.9-x86_64-darwin)
      racc (~> 1.4)
    nokogiri (1.18.9-x86_64-linux-gnu)
      racc (~> 1.4)
    orm_adapter (0.5.0)
    ostruct (0.6.3)
    parallel (1.27.0)
    parser (3.3.9.0)
      ast (~> 2.4.1)
      racc
    pdf-reader (2.15.0)
      Ascii85 (>= 1.0, < 3.0, != 2.0.0)
      afm (>= 0.2.1, < 2)
      hashery (~> 2.0)
      ruby-rc4
      ttfunk
    pg (1.6.1)
    pg (1.6.1-x86_64-darwin)
    pg (1.6.1-x86_64-linux)
    popper_js (1.16.1)
    pp (0.6.2)
      prettyprint
    prettyprint (0.2.0)
    prism (1.4.0)
    psych (5.2.6)
      date
      stringio
    public_suffix (6.0.2)
    puma (5.6.9)
      nio4r (~> 2.0)
    racc (1.8.1)
    rack (2.2.17)
    rack-proxy (0.7.7)
      rack
    rack-test (2.2.0)
      rack (>= 1.3)
    rails (6.1.7.10)
      actioncable (= 6.1.7.10)
      actionmailbox (= 6.1.7.10)
      actionmailer (= 6.1.7.10)
      actionpack (= 6.1.7.10)
      actiontext (= 6.1.7.10)
      actionview (= 6.1.7.10)
      activejob (= 6.1.7.10)
      activemodel (= 6.1.7.10)
      activerecord (= 6.1.7.10)
      activestorage (= 6.1.7.10)
      activesupport (= 6.1.7.10)
      bundler (>= 1.15.0)
      railties (= 6.1.7.10)
      sprockets-rails (>= 2.0.0)
    rails-dom-testing (2.3.0)
      activesupport (>= 5.0.0)
      minitest
      nokogiri (>= 1.6)
    rails-html-sanitizer (1.6.2)
      loofah (~> 2.21)
      nokogiri (>= 1.15.7, != 1.16.7, != 1.16.6, != 1.16.5, != 1.16.4, != 1.16.3, != 1.16.2, != 1.16.1, != 1.16.0.rc1, != 1.16.0)
    railties (6.1.7.10)
      actionpack (= 6.1.7.10)
      activesupport (= 6.1.7.10)
      method_source
      rake (>= 12.2)
      thor (~> 1.0)
    rainbow (3.1.1)
    rake (13.3.0)
    rb-fsevent (0.11.2)
    rb-inotify (0.11.1)
      ffi (~> 1.0)
    rdoc (6.14.2)
      erb
      psych (>= 4.0.0)
    redcarpet (3.6.1)
    redirect_safely (1.0.0)
      activemodel
    redis (4.8.1)
    regexp_parser (2.11.2)
    reline (0.6.2)
      io-console (~> 0.5)
    responders (3.1.1)
      actionpack (>= 5.2)
      railties (>= 5.2)
    rexml (3.4.1)
    roo (2.9.0)
      nokogiri (~> 1)
      rubyzip (>= 1.3.0, < 3.0.0)
    rubocop (1.79.2)
      json (~> 2.3)
      language_server-protocol (~> 3.17.0.2)
      lint_roller (~> 1.1.0)
      parallel (~> 1.10)
      parser (>= 3.3.0.2)
      rainbow (>= 2.2.2, < 4.0)
      regexp_parser (>= 2.9.3, < 3.0)
      rubocop-ast (>= 1.46.0, < 2.0)
      ruby-progressbar (~> 1.7)
      unicode-display_width (>= 2.4.0, < 4.0)
    rubocop-ast (1.46.0)
      parser (>= 3.3.7.2)
      prism (~> 1.4)
    rubocop-packaging (0.6.0)
      lint_roller (~> 1.1.0)
      rubocop (>= 1.72.1, < 2.0)
    rubocop-performance (1.25.0)
      lint_roller (~> 1.1)
      rubocop (>= 1.75.0, < 2.0)
      rubocop-ast (>= 1.38.0, < 2.0)
    rubocop-rails (2.33.3)
      activesupport (>= 4.2.0)
      lint_roller (~> 1.1)
      rack (>= 1.1)
      rubocop (>= 1.75.0, < 2.0)
      rubocop-ast (>= 1.44.0, < 2.0)
    ruby-progressbar (1.13.0)
    ruby-rc4 (0.1.5)
    ruby-vips (2.2.4)
      ffi (~> 1.12)
      logger
    rubyzip (2.4.1)
    sass (3.7.4)
      sass-listen (~> 4.0.0)
    sass-embedded (1.90.0)
      google-protobuf (~> 4.31)
      rake (>= 13)
    sass-embedded (1.90.0-x86_64-darwin)
      google-protobuf (~> 4.31)
    sass-embedded (1.90.0-x86_64-linux-gnu)
      google-protobuf (~> 4.31)
    sass-listen (4.0.0)
      rb-fsevent (~> 0.9, >= 0.9.4)
      rb-inotify (~> 0.9, >= 0.9.7)
    sass-rails (5.1.0)
      railties (>= 5.2.0)
      sass (~> 3.1)
      sprockets (>= 2.8, < 4.0)
      sprockets-rails (>= 2.0, < 4.0)
      tilt (>= 1.1, < 3)
    sassc-embedded (1.80.5)
      sass-embedded (~> 1.80)
    selenium-webdriver (4.35.0)
      base64 (~> 0.2)
      logger (~> 1.4)
      rexml (~> 3.2, >= 3.2.5)
      rubyzip (>= 1.2.2, < 4.0)
      websocket (~> 1.0)
    semantic_range (3.1.0)
    serrano (1.6)
      faraday (~> 2.13, >= 2.13.1)
      faraday-follow_redirects (>= 0.1, < 0.4)
      multi_json (~> 1.15)
      rexml (~> 3.2, >= 3.2.5)
      thor (~> 1.2, >= 1.2.1)
    simple_form (5.2.0)
      actionpack (>= 5.2)
      activemodel (>= 5.2)
    spring (2.1.1)
    spring-watcher-listen (2.0.1)
      listen (>= 2.7, < 4.0)
      spring (>= 1.2, < 3.0)
    sprockets (3.7.5)
      base64
      concurrent-ruby (~> 1.0)
      rack (> 1, < 3)
    sprockets-rails (3.5.2)
      actionpack (>= 6.1)
      activesupport (>= 6.1)
      sprockets (>= 3.0.0)
    sqlite3 (1.7.3)
      mini_portile2 (~> 2.8.0)
    sqlite3 (1.7.3-x86_64-darwin)
    sqlite3 (1.7.3-x86_64-linux)
    strain-code (0.3.6)
    stringio (3.1.7)
    thor (1.4.0)
    tilt (2.6.1)
    time (0.4.1)
      date
    timeout (0.4.3)
    ttfunk (1.8.0)
      bigdecimal (~> 3.1)
    turbolinks (5.2.1)
      turbolinks-source (~> 5.2)
    turbolinks-source (5.2.0)
    tzinfo (2.0.6)
      concurrent-ruby (~> 1.0)
    uglifier (4.2.1)
      execjs (>= 0.3.0, < 3)
    unicode-display_width (3.1.5)
      unicode-emoji (~> 4.0, >= 4.0.4)
    unicode-emoji (4.0.4)
    uri (1.0.3)
    warden (1.2.9)
      rack (>= 2.0.9)
    web-console (4.2.1)
      actionview (>= 6.0.0)
      activemodel (>= 6.0.0)
      bindex (>= 0.4.0)
      railties (>= 6.0.0)
    webpacker (5.4.4)
      activesupport (>= 5.2)
      rack-proxy (>= 0.6.1)
      railties (>= 5.2)
      semantic_range (>= 2.3.0)
    websocket (1.2.11)
    websocket-driver (0.8.0)
      base64
      websocket-extensions (>= 0.1.0)
    websocket-extensions (0.1.5)
    whenever (1.0.0)
      chronic (>= 0.6.3)
    wicked_pdf (2.8.2)
      activesupport
      ostruct
    will_paginate (3.3.1)
    will_paginate-bootstrap4 (0.2.2)
      will_paginate (~> 3.0, >= 3.0.0)
    wkhtmltopdf-binary (0.12.6.6)
    xpath (3.2.0)
      nokogiri (~> 1.8)
    yui-compressor (0.12.0)
    zeitwerk (2.7.3)

PLATFORMS
  ruby
  x86_64-darwin-19
  x86_64-darwin-23
  x86_64-linux
  x86_64-linux-gnu

DEPENDENCIES
  addressable
  benchmark
  bootstrap (~> 4.6.2)
  byebug
  capybara (~> 2.13)
  coffee-rails (~> 5.0)
  csv
  d3-rails
  dartsass-sprockets
  devise
  dkim (~> 1.1)
  font_awesome5_rails (~> 1.5)
  httparty (~> 0.23)
  image_processing (~> 1.2)
  inline_svg (~> 1.8)
  irb
  jbuilder (~> 2.11)
  jquery-rails
  listen (>= 3.0.5, < 3.2)
  miga-base (~> 1.3)
  mutex_m
  pdf-reader
  pg
  puma (~> 5.6)
  rails (~> 6.1)
  rdoc
  redcarpet (~> 3.5)
  redirect_safely (~> 1.0)
  redis (~> 4.8)
  rexml
  roo (~> 2.9.0)
  rubocop (~> 1.62)
  rubocop-packaging
  rubocop-performance
  rubocop-rails
  sass-rails (~> 5.0)
  selenium-webdriver
  serrano (~> 1.0)
  simple_form (~> 5.2.0)
  spring
  spring-watcher-listen (~> 2.0.0)
  sqlite3
  strain-code (~> 0.3)
  turbolinks (~> 5)
  tzinfo-data
  uglifier (>= 1.3.0)
  web-console (>= 3.3.0)
  webpacker
  whenever
  wicked_pdf
  will_paginate
  will_paginate-bootstrap4
  wkhtmltopdf-binary (<= 0.12.6.6)
  yui-compressor (>= 0.12)

BUNDLED WITH
   2.7.1
